PATH
  remote: .
  specs:
    canary_noitifer (0.0.1)

GEM
  remote: http://rubygems.org/
  specs:

PLATFORMS
  ruby

DEPENDENCIES
  canary_noitifer!
